{
    "Modality": "MR", 
    "MagneticFieldStrength": 3, 
    "Manufacturer": "Siemens", 
    "ManufacturersModelName": "TrioTim", 
    "InstitutionName": "Baycrest_Health_Sciences", 
    "InstitutionalDepartmentName": "Diagnostic_Imaging_Department", 
    "InstitutionAddress": "Bathurst_Street_3560_Toronto_Ontario_CA_M6A_2E1", 
    "DeviceSerialNumber": "35120", 
    "StationName": "MRC35120", 
    "PatientPosition": "HFS", 
    "ProcedureStepDescription": "VB17_NMatrix_32_Ch_Head_fMRI_Projects_Head_Active_fMRI_Projects", 
    "SoftwareVersions": "syngo_MR_B17", 
    "MRAcquisitionType": "2D", 
    "SeriesDescription": "EPI_1.7_MB3_PF6_8~188", 
    "ProtocolName": "EPI_1.7_MB3_PF6_8~188", 
    "ScanningSequence": "EP", 
    "SequenceVariant": "SK", 
    "ScanOptions": "PFP_FS", 
    "SequenceName": "epfid2d1_122", 
    "ImageType": [
        "ORIGINAL", 
        "PRIMARY", 
        "M", 
        "ND", 
        "NORM", 
        "MOSAIC"
    ], 
    "SeriesNumber": 15, 
    "AcquisitionTime": "15:00:42.685000", 
    "AcquisitionNumber": 1, 
    "ImageComments": "fMRI_167_(34)", 
    "SliceThickness": 1.7, 
    "SpacingBetweenSlices": 1.7, 
    "SAR": 0.0629845, 
    "EchoTime": 0.03, 
    "RepetitionTime": 1.87, 
    "FlipAngle": 65, 
    "PartialFourier": 0.75, 
    "BaseResolution": 122, 
    "ShimSetting": [
        -96, 
        28157, 
        -3289, 
        1161, 
        398, 
        381, 
        -138, 
        -107
    ], 
    "TxRefAmp": 323.4, 
    "PhaseResolution": 1, 
    "ReceiveCoilName": "32Ch_Head", 
    "PulseSequenceDetails": "%CustomerSeq%_ep2d_bold_SliceAcc_770B", 
    "MultibandAccelerationFactor": 3, 
    "PercentPhaseFOV": 100, 
    "PhaseEncodingSteps": 92, 
    "AcquisitionMatrixPE": 122, 
    "ReconMatrixPE": 122, 
    "BandwidthPerPixelPhaseEncode": 11.71, 
    "EffectiveEchoSpacing": 0.000699976, 
    "DerivedVendorReportedEchoSpacing": 0.000699976, 
    "TotalReadoutTime": 0.0846971, 
    "PixelBandwidth": 1782, 
    "DwellTime": 2.3e-06, 
    "PhaseEncodingDirection": "j-", 
    "SliceTiming": [
        0, 
        0.9825, 
        0.09, 
        1.0725, 
        0.18, 
        1.1625, 
        0.2675, 
        1.2525, 
        0.3575, 
        1.34, 
        0.4475, 
        1.43, 
        0.5375, 
        1.52, 
        0.625, 
        1.61, 
        0.715, 
        1.6975, 
        0.805, 
        1.7875, 
        0.895, 
        0, 
        0.9825, 
        0.09, 
        1.0725, 
        0.18, 
        1.1625, 
        0.2675, 
        1.2525, 
        0.3575, 
        1.34, 
        0.4475, 
        1.43, 
        0.5375, 
        1.52, 
        0.625, 
        1.61, 
        0.715, 
        1.6975, 
        0.805, 
        1.7875, 
        0.895, 
        0, 
        0.9825, 
        0.09, 
        1.0725, 
        0.18, 
        1.1625, 
        0.2675, 
        1.2525, 
        0.3575, 
        1.34, 
        0.4475, 
        1.43, 
        0.5375, 
        1.52, 
        0.625, 
        1.61, 
        0.715, 
        1.6975, 
        0.805, 
        1.7875, 
        0.895
    ], 
    "ImageOrientationPatientDICOM": [
        0.998091, 
        -0.0476501, 
        0.0393033, 
        0.032587, 
        0.946759, 
        0.320289
    ], 
    "InPlanePhaseEncodingDirectionDICOM": "COL", 
    "ConversionSoftware": "dcm2niix", 
    "ConversionSoftwareVersion": "v1.0.20180622 (JP2:OpenJPEG) (JP-LS:CharLS) GCC5.5.0", 
    "Dcm2bidsVersion": "2.1.4", 
    "TaskName": "AIM"
}