{
	"Modality": "MR",
	"MagneticFieldStrength": 3,
	"ImagingFrequency": 123.227,
	"Manufacturer": "Siemens",
	"ManufacturersModelName": "TrioTim",
	"InstitutionName": "Baycrest Health Sciences",
	"InstitutionalDepartmentName": "Diagnostic Imaging Department",
	"InstitutionAddress": "Bathurst Street 3560,Toronto   ,Ontario,CA,M6A 2E1",
	"DeviceSerialNumber": "35120",
	"StationName": "MRC35120",
	"PatientPosition": "HFS",
	"ProcedureStepDescription": "VB17 NMatrix 32 Ch Head  fMRI Projects^Head Active fMRI Projects",
	"SoftwareVersions": "syngo MR B17",
	"MRAcquisitionType": "2D",
	"SeriesDescription": "EPI_1.7_MB3_PF6/8~188",
	"ProtocolName": "EPI_1.7_MB3_PF6/8~188",
	"ScanningSequence": "EP",
	"SequenceVariant": "SK",
	"ScanOptions": "PFP\\FS",
	"SequenceName": "epfid2d1_122",
	"ImageType": ["ORIGINAL", "PRIMARY", "M", "ND", "NORM", "MOSAIC"],
	"SeriesNumber": 13,
	"AcquisitionTime": "15:03:3.145000",
	"AcquisitionNumber": 1,
	"ImageComments": "fMRI 167 (29)",
	"SliceThickness": 1.7,
	"SpacingBetweenSlices": 1.7,
	"SAR": 0.0465729,
	"EchoTime": 0.03,
	"RepetitionTime": 1.87,
	"FlipAngle": 65,
	"PartialFourier": 0.75,
	"BaseResolution": 122,
	"ShimSetting": [
		-90,
		28086,
		-3279,
		952,
		510,
		-62,
		-185,
		-177	],
	"TxRefAmp": 312.903,
	"PhaseResolution": 1,
	"ReceiveCoilName": "32Ch_Head",
	"CoilString": "C:HEA;HEP",
	"PulseSequenceDetails": "%CustomerSeq%\\ep2d_bold_SliceAcc_770B",
	"MultibandAccelerationFactor": 3,
	"PercentPhaseFOV": 100,
	"PercentSampling": 100,
	"PhaseEncodingSteps": 92,
	"AcquisitionMatrixPE": 122,
	"ReconMatrixPE": 122,
	"BandwidthPerPixelPhaseEncode": 11.71,
	"EffectiveEchoSpacing": 0.000699976,
	"DerivedVendorReportedEchoSpacing": 0.000699976,
	"TotalReadoutTime": 0.0846971,
	"PixelBandwidth": 1782,
	"DwellTime": 2.3e-06,
	"PhaseEncodingDirection": "j-",
	"SliceTiming": [
		0,
		0.9825,
		0.0875,
		1.0725,
		0.1775,
		1.16,
		0.2675,
		1.25,
		0.3575,
		1.34,
		0.445,
		1.43,
		0.535,
		1.5175,
		0.625,
		1.6075,
		0.715,
		1.6975,
		0.8025,
		1.7875,
		0.8925,
		0,
		0.9825,
		0.0875,
		1.0725,
		0.1775,
		1.16,
		0.2675,
		1.25,
		0.3575,
		1.34,
		0.445,
		1.43,
		0.535,
		1.5175,
		0.625,
		1.6075,
		0.715,
		1.6975,
		0.8025,
		1.7875,
		0.8925,
		0,
		0.9825,
		0.0875,
		1.0725,
		0.1775,
		1.16,
		0.2675,
		1.25,
		0.3575,
		1.34,
		0.445,
		1.43,
		0.535,
		1.5175,
		0.625,
		1.6075,
		0.715,
		1.6975,
		0.8025,
		1.7875,
		0.8925	],
	"ImageOrientationPatientDICOM": [
		0.999216,
		-0.02713,
		-0.0288476,
		0.0368144,
		0.904803,
		0.424235	],
	"InPlanePhaseEncodingDirectionDICOM": "COL",
	"ConversionSoftware": "dcm2niix",
	"ConversionSoftwareVersion": "v1.0.20210317",
    "TaskName": "AIM"
}
